GIT
  remote: https://github.com/pry/pry.git
  revision: 90d127778f3f4e9581d9dfb5c17851af48867186
  ref: 90d127778f3f4e9581d9dfb5c17851af48867186
  specs:
    pry (0.10.3)
      coderay (~> 1.1.0)
      method_source (~> 0.8.1)

GEM
  remote: https://rubygems.org/
  specs:
    addressable (2.4.0)
    ansi (1.5.0)
    awesome_print (1.8.0)
    backports (3.11.4)
    bcrypt (3.1.12)
    builder (3.2.3)
    coderay (1.1.2)
    docile (1.1.5)
    erubis (2.7.0)
    json (1.8.6)
    method_source (0.8.2)
    mini_portile2 (2.1.0)
    minitest (5.8.5)
    minitest-reporters (1.1.19)
      ansi
      builder
      minitest (>= 5.0)
      ruby-progressbar
    multi_json (1.13.1)
    mustermann (1.0.3)
    nokogiri (1.6.8.1)
      mini_portile2 (~> 2.1.0)
    power_assert (1.1.3)
    pry-power_assert (0.0.2)
      power_assert (>= 0.2.0)
      pry (>= 0.9.8)
    puma (3.2.0)
    rack (2.0.6)
    rack-protection (2.0.5)
      rack
    rack-test (1.1.0)
      rack (>= 1.0, < 3)
    rake (12.3.2)
    redcarpet (3.3.4)
    ruby-progressbar (1.10.0)
    simplecov (0.11.2)
      docile (~> 1.1.0)
      json (~> 1.8)
      simplecov-html (~> 0.10.0)
    simplecov-html (0.10.2)
    sinatra (2.0.5)
      mustermann (~> 1.0)
      rack (~> 2.0)
      rack-protection (= 2.0.5)
      tilt (~> 2.0)
    sinatra-contrib (2.0.5)
      backports (>= 2.8.2)
      multi_json
      mustermann (~> 1.0)
      rack-protection (= 2.0.5)
      sinatra (= 2.0.5)
      tilt (>= 1.3, < 3)
    tilt (2.0.9)

PLATFORMS
  ruby

DEPENDENCIES
  addressable (~> 2.4.0)
  awesome_print
  bcrypt (~> 3.1.11)
  erubis (~> 2.7.0)
  minitest (~> 5.8.4)
  minitest-reporters (~> 1.1.8)
  nokogiri (~> 1.6.7)
  pry!
  pry-power_assert (~> 0.0.2)
  puma (~> 3.2.0)
  rack (~> 2.0)
  rack-test
  rake
  redcarpet (~> 3.3.4)
  simplecov (~> 0.11.2)
  sinatra (~> 2.0)
  sinatra-contrib (~> 2.0)

RUBY VERSION
   ruby 2.5.3p105

BUNDLED WITH
   1.17.3
